GEM
  remote: https://rubygems.org/
  specs:
    activemodel (5.0.0.1)
      activesupport (= 5.0.0.1)
    activesupport (5.0.0.1)
      concurrent-ruby (~> 1.0, >= 1.0.2)
      i18n (~> 0.7)
      minitest (~> 5.1)
      tzinfo (~> 1.1)
    axiom-types (0.1.1)
      descendants_tracker (~> 0.0.4)
      ice_nine (~> 0.11.0)
      thread_safe (~> 0.3, >= 0.3.1)
    coercible (1.0.0)
      descendants_tracker (~> 0.0.1)
    concurrent-ruby (1.0.2)
    config_env (0.1.2)
    descendants_tracker (0.0.4)
      thread_safe (~> 0.3, >= 0.3.1)
    equalizer (0.0.11)
    i18n (0.7.0)
    ice_nine (0.11.2)
    kramdown (1.12.0)
    minitest (5.9.1)
    minitest-rg (5.2.0)
      minitest (~> 5.0)
<<<<<<< HEAD
    oj (2.18.0)
=======
>>>>>>> 30cc6235c4be4a5e5278922f55af3d0a64174284
    puma (3.6.0)
    rack (1.6.4)
    rack-protection (1.5.3)
      rack
    rack-ssl-enforcer (0.2.9)
    rack-test (0.6.3)
      rack (>= 1.0)
    rake (11.3.0)
    sinatra (1.4.7)
      rack (~> 1.5)
      rack-protection (~> 1.4)
      tilt (>= 1.3, < 3)
    slim (3.0.7)
      temple (~> 0.7.6)
      tilt (>= 1.3.3, < 2.1)
    temple (0.7.7)
    thread_safe (0.3.5)
    tilt (2.0.5)
    tzinfo (1.2.2)
      thread_safe (~> 0.1)
    virtus (1.0.5)
      axiom-types (~> 0.1)
      coercible (~> 1.0)
      descendants_tracker (~> 0.0, >= 0.0.3)
      equalizer (~> 0.0, >= 0.0.9)

PLATFORMS
  ruby

DEPENDENCIES
  activemodel
  config_env
  kramdown
  minitest
  minitest-rg
<<<<<<< HEAD
  oj
=======
>>>>>>> 30cc6235c4be4a5e5278922f55af3d0a64174284
  puma
  rack-ssl-enforcer
  rack-test
  rake
  sinatra
  slim
  virtus

RUBY VERSION
   ruby 2.3.0p0

BUNDLED WITH
<<<<<<< HEAD
   1.13.5
=======
   1.13.0
>>>>>>> 30cc6235c4be4a5e5278922f55af3d0a64174284
